PATH
  remote: .
  specs:
    logmixer (0.0.1)

GEM
  remote: http://rubygems.org/
  specs:
    ansi (1.4.2)
    minitest (2.11.2)
    turn (0.9.3)
      ansi

PLATFORMS
  ruby

DEPENDENCIES
  logmixer!
  minitest
  turn
